GEM
  remote: https://rubygems.org/
  specs:
    asciidoctor (2.0.20)
    diff-lcs (1.5.0)
    fiddle (1.1.2)
    minify_html (0.11.2)
      fiddle (~> 1.0)
    rouge (4.2.0)
    rspec (3.12.0)
      rspec-core (~> 3.12.0)
      rspec-expectations (~> 3.12.0)
      rspec-mocks (~> 3.12.0)
    rspec-core (3.12.2)
      rspec-support (~> 3.12.0)
    rspec-expectations (3.12.3)
      diff-lcs (>= 1.2.0, < 2.0)
      rspec-support (~> 3.12.0)
    rspec-mocks (3.12.6)
      diff-lcs (>= 1.2.0, < 2.0)
      rspec-support (~> 3.12.0)
    rspec-support (3.12.1)

PLATFORMS
  arm64-darwin-23
  ruby

DEPENDENCIES
  asciidoctor (~> 2.0.20)
  fiddle (~> 1.1, >= 1.1.2)
  minify_html (~> 0.11.0)
  rouge (~> 4.2.0)
  rspec

BUNDLED WITH
   2.5.3
